GEM
  remote: http://rubygems.org/
  specs:
    dropbox (1.2.3)
      json (>= 1.2.0)
      mechanize (>= 1.0.0)
      multipart-post (>= 1.0)
      oauth (>= 0.3.6)
    json (1.5.3-java)
    mechanize (2.0.1)
      net-http-digest_auth (~> 1.1, >= 1.1.1)
      net-http-persistent (~> 1.8)
      nokogiri (~> 1.4)
      webrobots (~> 0.0, >= 0.0.9)
    multipart-post (1.1.2)
    net-http-digest_auth (1.1.1)
    net-http-persistent (1.8)
    nokogiri (1.5.0-java)
    oauth (0.4.5)
    webrobots (0.0.10)
      nokogiri (>= 1.4.4)

PLATFORMS
  java

DEPENDENCIES
  dropbox (= 1.2.3)
